GEM
  remote: http://rubygems.org/
  specs:
    abstract (1.0.0)
    actionmailer (3.0.9)
      actionpack (= 3.0.9)
      mail (~> 2.2.19)
    actionpack (3.0.9)
      activemodel (= 3.0.9)
      activesupport (= 3.0.9)
      builder (~> 2.1.2)
      erubis (~> 2.6.6)
      i18n (~> 0.5.0)
      rack (~> 1.2.1)
      rack-mount (~> 0.6.14)
      rack-test (~> 0.5.7)
      tzinfo (~> 0.3.23)
    activemodel (3.0.9)
      activesupport (= 3.0.9)
      builder (~> 2.1.2)
      i18n (~> 0.5.0)
    activerecord (3.0.9)
      activemodel (= 3.0.9)
      activesupport (= 3.0.9)
      arel (~> 2.0.10)
      tzinfo (~> 0.3.23)
    activeresource (3.0.9)
      activemodel (= 3.0.9)
      activesupport (= 3.0.9)
    activesupport (3.0.9)
    addressable (2.2.6)
    arel (2.0.10)
    builder (2.1.2)
    capybara (1.0.0)
      mime-types (>= 1.16)
      nokogiri (>= 1.3.3)
      rack (>= 1.0.0)
      rack-test (>= 0.5.4)
      selenium-webdriver (~> 0.2.0)
      xpath (~> 0.1.4)
    childprocess (0.1.9)
      ffi (~> 1.0.6)
    clearance (0.12.0)
      diesel (~> 0.1.4)
      rails (>= 3.0)
    configuration (1.3.1)
    cucumber (1.0.1)
      builder (>= 2.1.2)
      diff-lcs (>= 1.1.2)
      gherkin (~> 2.4.5)
      json (>= 1.4.6)
      term-ansicolor (>= 1.0.5)
    cucumber-rails (1.0.2)
      capybara (>= 1.0.0)
      cucumber (~> 1.0.0)
      nokogiri (>= 1.4.6)
    daemons (1.1.4)
    database_cleaner (0.5.2)
    delayed_job (2.1.2)
      activesupport (~> 3.0)
      daemons
    diesel (0.1.5)
      railties
    diff-lcs (1.1.2)
    erubis (2.6.6)
      abstract (>= 1.0.0)
    excon (0.6.5)
    factory_girl (1.3.3)
    factory_girl_rails (1.0)
      factory_girl (~> 1.3)
      rails (>= 3.0.0.beta4)
    fakeweb (1.2.6)
    ffi (1.0.9)
    ffi (1.0.9-java)
    fog (0.9.0)
      builder
      excon (~> 0.6.1)
      formatador (>= 0.1.3)
      json
      mime-types
      net-scp (>= 1.0.4)
      net-ssh (>= 2.1.4)
      nokogiri (>= 1.4.4)
      ruby-hmac
    formatador (0.2.0)
    gchartrb (0.8)
    gherkin (2.4.5)
      json (>= 1.4.6)
    gherkin (2.4.5-java)
      json (>= 1.4.6)
    gravtastic (3.1.0)
    high_voltage (1.0.0)
    hoptoad_notifier (2.4.1)
      activesupport
      builder
    i18n (0.5.0)
    json (1.5.3)
    json (1.5.3-java)
    json_pure (1.5.3)
    launchy (0.3.7)
      configuration (>= 0.0.5)
      rake (>= 0.8.1)
    mail (2.2.19)
      activesupport (>= 2.3.6)
      i18n (>= 0.4.0)
      mime-types (~> 1.16)
      treetop (~> 1.4.8)
    mime-types (1.16)
    net-scp (1.0.4)
      net-ssh (>= 1.99.1)
    net-ssh (2.1.4)
    newrelic_rpm (2.13.4)
    nokogiri (1.5.0)
    nokogiri (1.5.0-java)
    paul_revere (0.1.5)
      rails (~> 3.0.0)
    pg (0.11.0)
    polyglot (0.3.1)
    rack (1.2.3)
    rack-maintenance (0.3.0)
      rack (>= 1.0)
    rack-mount (0.6.14)
      rack (>= 1.0.0)
    rack-test (0.5.7)
      rack (>= 1.0)
    rails (3.0.9)
      actionmailer (= 3.0.9)
      actionpack (= 3.0.9)
      activerecord (= 3.0.9)
      activeresource (= 3.0.9)
      activesupport (= 3.0.9)
      bundler (~> 1.0)
      railties (= 3.0.9)
    railties (3.0.9)
      actionpack (= 3.0.9)
      activesupport (= 3.0.9)
      rake (>= 0.8.7)
      rdoc (~> 3.4)
      thor (~> 0.14.4)
    rake (0.9.2)
    rdoc (3.8)
    redgreen (1.2.2)
    redis (2.1.1)
    rest-client (1.0.3)
    rr (0.10.11)
    ruby-hmac (0.4.0)
    rubyzip (0.9.4)
    selenium-webdriver (0.2.2)
      childprocess (>= 0.1.9)
      ffi (>= 1.0.7)
      json_pure
      rubyzip
    shoulda (2.11.1)
    silent-postgres (0.0.7)
    sinatra (1.2.1)
      rack (~> 1.1)
      tilt (< 2.0, >= 1.2.2)
    system_timer (1.2.4)
    term-ansicolor (1.0.5)
    thor (0.14.6)
    tilt (1.3.2)
    timecop (0.3.5)
    treetop (1.4.9)
      polyglot (>= 0.3.1)
    tzinfo (0.3.29)
    validates_url_format_of (0.1.0)
      activerecord (>= 2.3.4)
    webmock (0.7.3)
      addressable (>= 2.1.1)
    webrat (0.5.3)
      nokogiri (>= 1.2.0)
      rack (>= 1.0)
    will_paginate (3.0.pre2)
    xml-simple (1.0.12)
    xpath (0.1.4)
      nokogiri (~> 1.3)
    yajl-ruby (0.8.2)

PLATFORMS
  java
  ruby

DEPENDENCIES
  clearance
  cucumber-rails
  database_cleaner (= 0.5.2)
  delayed_job (= 2.1.2)
  factory_girl_rails (= 1.0)
  fakeweb (= 1.2.6)
  fog
  gchartrb (= 0.8)
  gravtastic
  high_voltage
  hoptoad_notifier (= 2.4.1)
  launchy (= 0.3.7)
  mail
  newrelic_rpm (= 2.13.4)
  nokogiri
  paul_revere (= 0.1.5)
  pg
  rack
  rack-maintenance
  rack-test (= 0.5.7)
  rails (= 3.0.9)
  redgreen (= 1.2.2)
  redis (= 2.1.1)
  rest-client (= 1.0.3)
  rr (= 0.10.11)
  shoulda (= 2.11.1)
  silent-postgres (= 0.0.7)
  sinatra (= 1.2.1)
  system_timer
  timecop (= 0.3.5)
  validates_url_format_of (= 0.1.0)
  webmock (= 0.7.3)
  webrat (= 0.5.3)
  will_paginate (= 3.0.pre2)
  xml-simple (= 1.0.12)
  yajl-ruby (= 0.8.2)
